GEM
  remote: http://rubygems.org/
  specs:
    BlueCloth (1.0.1)
    bluecloth (2.1.0)
    capistrano (2.5.21)
      highline
      net-scp (>= 1.0.0)
      net-sftp (>= 2.0.0)
      net-ssh (>= 2.0.14)
      net-ssh-gateway (>= 1.0.0)
    capistrano-ext (1.2.1)
      capistrano (>= 1.0.0)
    gli (1.2.6)
    highline (1.6.1)
    json (1.5.1)
    net-scp (1.0.4)
      net-ssh (>= 1.99.1)
    net-sftp (2.0.5)
      net-ssh (>= 2.0.9)
    net-ssh (2.1.4)
    net-ssh-gateway (1.0.1)
      net-ssh (>= 1.99.1)
    nokogiri (1.4.4)
    pdfkit (0.5.0)
    rack (1.2.2)
    rake (0.8.7)
    rmagick (2.13.1)
    showoff (0.4.1)
      bluecloth
      gli (>= 1.2.5)
      json
      nokogiri
      sinatra
    sinatra (1.2.3)
      rack (~> 1.1)
      tilt (< 2.0, >= 1.2.2)
    tilt (1.2.2)

PLATFORMS
  ruby

DEPENDENCIES
  BlueCloth
  capistrano
  capistrano-ext
  gli
  json
  nokogiri
  pdfkit
  rake
  rmagick
  showoff
  sinatra
